PATH
  remote: .
  specs:
    exceptional_synchrony (1.3.1)
      em-http-request
      em-synchrony
      eventmachine
      exception_handling (>= 2.2)
      invoca-utils (~> 0.3)

GEM
  remote: https://rubygems.org/
  specs:
    activesupport (7.1.3.2)
      base64
      bigdecimal
      concurrent-ruby (~> 1.0, >= 1.0.2)
      connection_pool (>= 2.2.5)
      drb
      i18n (>= 1.6, < 2)
      minitest (>= 5.1)
      mutex_m
      tzinfo (~> 2.0)
    addressable (2.7.0)
      public_suffix (>= 2.0.2, < 5.0)
    ansi (1.5.0)
    base64 (0.2.0)
    bigdecimal (3.1.6)
    builder (3.2.4)
    coderay (1.1.2)
    concurrent-ruby (1.2.3)
    connection_pool (2.4.1)
    contextual_logger (1.2.0)
      activesupport
      json
    cookiejar (0.3.4)
    crack (0.4.3)
      safe_yaml (~> 1.0.0)
    drb (2.2.1)
    em-http-request (1.1.7)
      addressable (>= 2.3.4)
      cookiejar (!= 0.3.1)
      em-socksify (>= 0.3)
      eventmachine (>= 1.0.3)
      http_parser.rb (>= 0.6.0)
    em-socksify (0.3.2)
      eventmachine (>= 1.0.0.beta.4)
    em-synchrony (1.0.6)
      eventmachine (>= 1.0.0.beta.1)
    escalate (0.3.0)
    eventmachine (1.2.7)
    exception_handling (3.0.0)
      activesupport (>= 5.2)
      contextual_logger (~> 1.0)
      escalate (~> 0.3)
      invoca-utils (~> 0.3)
      psych (~> 3.0)
    hashdiff (1.0.1)
    http_parser.rb (0.8.0)
    i18n (1.14.1)
      concurrent-ruby (~> 1.0)
    invoca-utils (0.5.1)
      activesupport (>= 5.0)
    json (2.7.1)
    method_source (1.0.0)
    minitest (5.14.0)
    minitest-reporters (1.4.2)
      ansi
      builder
      minitest (>= 5.0)
      ruby-progressbar
    mutex_m (0.2.0)
    pry (0.13.1)
      coderay (~> 1.1)
      method_source (~> 1.0)
    psych (3.3.4)
    public_suffix (4.0.4)
    rake (13.0.1)
    rr (1.2.1)
    ruby-progressbar (1.10.1)
    safe_yaml (1.0.5)
    thor (1.0.1)
    tzinfo (2.0.6)
      concurrent-ruby (~> 1.0)
    webmock (1.24.6)
      addressable (>= 2.3.6)
      crack (>= 0.3.2)
      hashdiff

PLATFORMS
  ruby

DEPENDENCIES
  exceptional_synchrony!
  minitest
  minitest-reporters
  pry
  rake
  rr (~> 1.2)
  thor
  webmock (~> 1.24)

BUNDLED WITH
   2.3.22
