PATH
  remote: ../..
  specs:
    exceptional_synchrony (1.4.2.passion.0)
      concurrent-ruby (~> 1.1)
      em-http-request
      em-synchrony
      eventmachine
      exception_handling (~> 2.2)
      invoca-utils (~> 0.3)
      opentelemetry-api (~> 0.16)
      opentelemetry-sdk (~> 0.16)

GEM
  remote: https://rubygems.org/
  specs:
    actionmailer (6.1.3.1)
      actionpack (= 6.1.3.1)
      actionview (= 6.1.3.1)
      activejob (= 6.1.3.1)
      activesupport (= 6.1.3.1)
      mail (~> 2.5, >= 2.5.4)
      rails-dom-testing (~> 2.0)
    actionpack (6.1.3.1)
      actionview (= 6.1.3.1)
      activesupport (= 6.1.3.1)
      rack (~> 2.0, >= 2.0.9)
      rack-test (>= 0.6.3)
      rails-dom-testing (~> 2.0)
      rails-html-sanitizer (~> 1.0, >= 1.2.0)
    actionview (6.1.3.1)
      activesupport (= 6.1.3.1)
      builder (~> 3.1)
      erubi (~> 1.4)
      rails-dom-testing (~> 2.0)
      rails-html-sanitizer (~> 1.1, >= 1.2.0)
    activejob (6.1.3.1)
      activesupport (= 6.1.3.1)
      globalid (>= 0.3.6)
    activesupport (6.1.3.1)
      concurrent-ruby (~> 1.0, >= 1.0.2)
      i18n (>= 1.6, < 2)
      minitest (>= 5.1)
      tzinfo (~> 2.0)
      zeitwerk (~> 2.3)
    addressable (2.7.0)
      public_suffix (>= 2.0.2, < 5.0)
    builder (3.2.4)
    byebug (11.1.3)
    coderay (1.1.3)
    concurrent-ruby (1.1.8)
    contextual_logger (0.11.0)
      activesupport
      json
    cookiejar (0.3.3)
    crass (1.0.6)
    em-http-request (1.1.7)
      addressable (>= 2.3.4)
      cookiejar (!= 0.3.1)
      em-socksify (>= 0.3)
      eventmachine (>= 1.0.3)
      http_parser.rb (>= 0.6.0)
    em-socksify (0.3.2)
      eventmachine (>= 1.0.0.beta.4)
    em-synchrony (1.0.6)
      eventmachine (>= 1.0.0.beta.1)
    erubi (1.10.0)
    escalate (0.3.0)
    eventmachine (1.2.7)
    exception_handling (2.9.0)
      actionmailer (>= 4.2, < 7.0)
      actionpack (>= 4.2, < 7.0)
      activesupport (>= 4.2, < 7.0)
      contextual_logger (~> 0.7)
      escalate (~> 0.2)
      eventmachine (~> 1.0)
      invoca-utils (~> 0.3)
    globalid (0.4.2)
      activesupport (>= 4.2.0)
    http_parser.rb (0.6.0)
    i18n (1.8.10)
      concurrent-ruby (~> 1.0)
    invoca-utils (0.4.1)
    json (2.5.1)
    loofah (2.9.1)
      crass (~> 1.0.2)
      nokogiri (>= 1.5.9)
    mail (2.7.1)
      mini_mime (>= 0.1.1)
    method_source (1.0.0)
    mini_mime (1.1.0)
    mini_portile2 (2.5.0)
    minitest (5.14.4)
    nokogiri (1.11.3)
      mini_portile2 (~> 2.5.0)
      racc (~> 1.4)
    opentelemetry-api (0.16.0)
    opentelemetry-common (0.16.0)
      opentelemetry-api (~> 0.16.0)
    opentelemetry-sdk (0.16.0)
      opentelemetry-api (~> 0.16.0)
      opentelemetry-common (~> 0.16.0)
    pry (0.13.1)
      coderay (~> 1.1)
      method_source (~> 1.0)
    pry-byebug (3.9.0)
      byebug (~> 11.0)
      pry (~> 0.13.0)
    public_suffix (4.0.6)
    racc (1.5.2)
    rack (2.2.3)
    rack-test (1.1.0)
      rack (>= 1.0, < 3)
    rails-dom-testing (2.0.3)
      activesupport (>= 4.2.0)
      nokogiri (>= 1.6)
    rails-html-sanitizer (1.3.0)
      loofah (~> 2.3)
    tzinfo (2.0.4)
      concurrent-ruby (~> 1.0)
    zeitwerk (2.4.2)

PLATFORMS
  ruby

DEPENDENCIES
  exceptional_synchrony!
  pry (~> 0.13)
  pry-byebug (~> 3.9)

BUNDLED WITH
   1.17.2
